GEM
  remote: http://rubygems.org/
  specs:
    addressable (2.3.8)
    awesome_print (1.2.0)
    backports (2.6.2)
    cabin (0.4.4)
      json
    coderay (1.1.1)
    diff-lcs (1.1.3)
    ffi (1.9.14-java)
    http_parser.rb (0.6.0)
    http_parser.rb (0.6.0-java)
    insist (0.0.6)
    json (1.6.6)
    json (1.6.6-java)
    method_source (0.8.2)
    minitest (3.4.0)
    multi_json (1.3.6)
    pry (0.10.4)
      coderay (~> 1.1.0)
      method_source (~> 0.8.1)
      slop (~> 3.4)
    pry (0.10.4-java)
      coderay (~> 1.1.0)
      method_source (~> 0.8.1)
      slop (~> 3.4)
      spoon (~> 0.0)
    rack (1.4.1)
    rack-protection (1.2.0)
      rack
    rspec (2.11.0)
      rspec-core (~> 2.11.0)
      rspec-expectations (~> 2.11.0)
      rspec-mocks (~> 2.11.0)
    rspec-core (2.11.1)
    rspec-expectations (2.11.3)
      diff-lcs (~> 1.1.3)
    rspec-mocks (2.11.2)
    simplecov (0.6.4)
      multi_json (~> 1.0)
      simplecov-html (~> 0.5.3)
    simplecov-html (0.5.3)
    sinatra (1.3.3)
      rack (~> 1.3, >= 1.3.6)
      rack-protection (~> 1.2)
      tilt (~> 1.3, >= 1.3.3)
    slop (3.6.0)
    spoon (0.0.4)
      ffi
    stud (0.0.5)
    tilt (1.3.3)
    yard (0.8.2.1)

PLATFORMS
  java
  ruby

DEPENDENCIES
  addressable (~> 2.3.0)
  awesome_print
  backports (= 2.6.2)
  cabin (= 0.4.4)
  http_parser.rb (~> 0.6)
  insist
  json (= 1.6.6)
  minitest
  pry
  rspec
  simplecov
  sinatra
  stud
  yard

BUNDLED WITH
   1.14.5
