GEM
  remote: http://rubygems.org/
  specs:
    addressable (2.6.0)
      public_suffix (>= 2.0.2, < 4.0)
    awesome_print (1.8.0)
    backports (2.6.2)
    cabin (0.4.4)
      json
    coderay (1.1.2)
    diff-lcs (1.3)
    docile (1.1.5)
    ffi (1.9.21-java)
    http_parser.rb (0.6.0)
    http_parser.rb (0.6.0-java)
    insist (1.0.0)
    json (2.1.0)
    json (2.1.0-java)
    method_source (0.9.0)
    minitest (5.11.3)
    mustermann (1.0.1)
    pry (0.11.3)
      coderay (~> 1.1.0)
      method_source (~> 0.9.0)
    pry (0.11.3-java)
      coderay (~> 1.1.0)
      method_source (~> 0.9.0)
      spoon (~> 0.0)
    public_suffix (3.1.1)
    rack (2.0.4)
    rack-protection (2.0.0)
      rack
    rspec (2.99.0)
      rspec-core (~> 2.99.0)
      rspec-expectations (~> 2.99.0)
      rspec-mocks (~> 2.99.0)
    rspec-core (2.99.2)
    rspec-expectations (2.99.2)
      diff-lcs (>= 1.1.3, < 2.0)
    rspec-mocks (2.99.4)
    simplecov (0.15.1)
      docile (~> 1.1.0)
      json (>= 1.8, < 3)
      simplecov-html (~> 0.10.0)
    simplecov-html (0.10.2)
    sinatra (2.0.0)
      mustermann (~> 1.0)
      rack (~> 2.0)
      rack-protection (= 2.0.0)
      tilt (~> 2.0)
    spoon (0.0.6)
      ffi
    stud (0.0.23)
    tilt (2.0.8)
    yard (0.9.12)

PLATFORMS
  java
  ruby

DEPENDENCIES
  addressable (>= 2.4)
  awesome_print
  backports (= 2.6.2)
  cabin (= 0.4.4)
  http_parser.rb (~> 0.6)
  insist
  json
  minitest
  pry
  rspec (~> 2)
  simplecov
  sinatra
  stud
  yard

BUNDLED WITH
   2.0.2
